GEM
  remote: http://rubygems.org/
  specs:
    rack (1.3.3)
    rack-test (0.6.1)
      rack (>= 1.0)
    sinatra (1.2.6)
      rack (~> 1.1)
      tilt (>= 1.2.2, < 2.0)
    tilt (1.3.3)

PLATFORMS
  ruby

DEPENDENCIES
  rack-test
  sinatra
