GEM
  remote: http://rubygems.org/
  specs:
    activemodel (3.1.0)
      activesupport (= 3.1.0)
      bcrypt-ruby (~> 3.0.0)
      builder (~> 3.0.0)
      i18n (~> 0.6)
    activesupport (3.1.0)
      multi_json (~> 1.0)
    bcrypt-ruby (3.0.1)
    bson (1.4.0)
    bson_ext (1.4.0)
    builder (3.0.0)
    i18n (0.6.0)
    json (1.6.1)
    mongo (1.3.1)
      bson (>= 1.3.1)
    mongo_ext (0.19.3)
    mongoid (2.2.1)
      activemodel (~> 3.0)
      mongo (>= 1.3, < 1.4)
      tzinfo (~> 0.3.22)
    multi_json (1.0.3)
    rack (1.3.3)
    rack-test (0.6.1)
      rack (>= 1.0)
    sinatra (1.2.6)
      rack (~> 1.1)
      tilt (>= 1.2.2, < 2.0)
    sinatra-mongoid (0.0.2)
      mongo_ext
      mongoid
      sinatra
    tilt (1.3.3)
    tzinfo (0.3.29)
    yajl-ruby (1.0.0)

PLATFORMS
  ruby

DEPENDENCIES
  bson
  bson_ext
  json
  mongo
  rack-test
  sinatra
  sinatra-mongoid
  yajl-ruby
